GEM
  remote: https://rubygems.org/
  specs:
    adsf (1.2.0)
      rack (>= 1.0.0)
    bourbon (4.0.2)
      sass (~> 3.3)
      thor
    builder (3.2.2)
    celluloid (0.15.2)
      timers (~> 1.1.0)
    coderay (1.1.0)
    coffee-script (2.3.0)
      coffee-script-source
      execjs
    coffee-script-source (1.7.1)
    colored (1.2)
    cri (2.6.1)
      colored (~> 1.2)
    execjs (2.2.1)
    ffi (1.9.3)
    haml (4.0.5)
      tilt
    kramdown (1.4.0)
    listen (2.7.9)
      celluloid (>= 0.15.2)
      rb-fsevent (>= 0.9.3)
      rb-inotify (>= 0.9)
    mime-types (2.4.3)
    mini_portile (0.6.0)
    nanoc (3.7.1)
      cri (~> 2.3)
    nokogiri (1.6.3.1)
      mini_portile (= 0.6.0)
    rack (1.5.2)
    rb-fsevent (0.9.4)
    rb-inotify (0.9.5)
      ffi (>= 0.5.0)
    rocks (0.0.5)
      sass (>= 3.1)
    rubypants (0.2.0)
    sass (3.3.11)
    systemu (2.6.4)
    thor (0.19.1)
    tilt (2.0.1)
    timers (1.1.0)
    typogruby (1.0.16)
      rubypants

PLATFORMS
  ruby

DEPENDENCIES
  adsf
  bourbon
  builder
  coderay
  coffee-script
  haml
  kramdown
  listen
  mime-types
  nanoc
  nokogiri
  rb-fsevent
  rocks
  sass
  systemu
  typogruby
