GEM
  remote: http://rubygems.org/
  specs:
    adsf (1.0.1)
      rack (>= 1.0.0)
    builder (3.0.0)
    coderay (0.9.8)
    cri (1.0.1)
    jsmin (1.0.1)
    kramdown (0.13.3)
    nanoc (3.1.7)
      nanoc3 (>= 3.1.7)
    nanoc-cachebuster (0.1.2)
    nanoc3 (3.1.7)
      cri (>= 1.0.0)
    nokogiri (1.4.4)
    rack (1.3.0)
    rainpress (1.0)
    rubypants (0.2.0)
    typogruby (1.0.12)
      rubypants

PLATFORMS
  ruby

DEPENDENCIES
  adsf
  builder
  coderay
  jsmin
  kramdown
  nanoc (~> 3.1)
  nanoc-cachebuster
  nokogiri
  rack
  rainpress
  typogruby
