GEM
  remote: http://rubygems.org/
  specs:
    adsf (1.1.1)
      rack (>= 1.0.0)
    bourbon (2.1.3)
      sass (>= 3.2)
      thor
    builder (3.1.4)
    coderay (1.0.8)
    coffee-script (2.2.0)
      coffee-script-source
      execjs
    coffee-script-source (1.4.0)
    colored (1.2)
    cri (2.3.0)
      colored (>= 1.2)
    execjs (1.4.0)
      multi_json (~> 1.0)
    fssm (0.2.9)
    growl (1.0.3)
    haml (3.1.7)
    kramdown (0.14.1)
    mime-types (1.19)
    multi_json (1.5.0)
    nanoc (3.4.3)
      cri (~> 2.2)
    nokogiri (1.5.6)
    rack (1.4.1)
    rocks (0.0.5)
      sass (>= 3.1)
    rubypants (0.2.0)
    sass (3.2.5)
    systemu (2.5.2)
    thor (0.16.0)
    typogruby (1.0.15)
      rubypants

PLATFORMS
  ruby

DEPENDENCIES
  adsf (~> 1.1)
  bourbon (~> 2.1)
  builder (~> 3.0)
  coderay (~> 1.0)
  coffee-script (~> 2.2)
  fssm (~> 0.2)
  growl (~> 1.0)
  haml (~> 3.1)
  kramdown (~> 0.13)
  mime-types (~> 1.18)
  nanoc (~> 3.3)
  nokogiri (~> 1.5)
  rocks (~> 0.0.5)
  sass (~> 3.1)
  systemu
  typogruby (~> 1.0)
