GEM
  remote: https://rubygems.org/
  specs:
    adsf (1.1.1)
      rack (>= 1.0.0)
    bourbon (3.1.8)
      sass (>= 3.2.0)
      thor
    builder (3.2.2)
    coderay (1.1.0)
    coffee-script (2.2.0)
      coffee-script-source
      execjs
    coffee-script-source (1.6.3)
    colored (1.2)
    cri (2.4.0)
      colored (>= 1.2)
    execjs (2.0.2)
    ffi (1.9.0)
    haml (4.0.3)
      tilt
    kramdown (0.14.2)
    listen (1.3.1)
      rb-fsevent (>= 0.9.3)
      rb-inotify (>= 0.9)
      rb-kqueue (>= 0.2)
    mini_portile (0.5.1)
    nanoc (3.6.5)
      cri (~> 2.3)
    nokogiri (1.6.0)
      mini_portile (~> 0.5.0)
    rack (1.5.2)
    rb-fsevent (0.9.3)
    rb-inotify (0.9.2)
      ffi (>= 0.5.0)
    rb-kqueue (0.2.0)
      ffi (>= 0.5.0)
    rocks (0.0.5)
      sass (>= 3.1)
    rubypants (0.2.0)
    sass (3.2.11)
    systemu (2.5.2)
    thor (0.18.1)
    tilt (1.4.1)
    typogruby (1.0.16)
      rubypants

PLATFORMS
  ruby

DEPENDENCIES
  adsf (~> 1.1)
  bourbon (~> 3.1)
  builder (~> 3.0)
  coderay (~> 1.0)
  coffee-script (~> 2.2)
  haml (~> 4.0)
  kramdown (~> 0.13)
  listen
  nanoc (~> 3.3)
  nokogiri (~> 1.5)
  rb-fsevent
  rocks (~> 0.0.5)
  sass (~> 3.1)
  systemu
  typogruby (~> 1.0)
