GEM
  remote: https://rubygems.org/
  specs:
    ffi (1.9.25)
    kramdown (1.17.0)
    rake (12.3.2)
    rb-fsevent (0.10.3)
    rb-inotify (0.10.0)
      ffi (~> 1.0)
    rouge (3.3.0)
    rubypants (0.7.0)
    sass (3.7.2)
      sass-listen (~> 4.0.0)
    sass-listen (4.0.0)
      rb-fsevent (~> 0.9, >= 0.9.4)
      rb-inotify (~> 0.9, >= 0.9.7)
    typogruby (1.0.18)
      rubypants

PLATFORMS
  ruby

DEPENDENCIES
  kramdown
  rake
  rouge
  sass
  typogruby

BUNDLED WITH
   1.17.3
