GEM
  remote: https://rubygems.org/
  specs:
    adsf (1.1.1)
      rack (>= 1.0.0)
    bourbon (3.1.1)
      sass (>= 3.2.0)
      thor
    builder (3.2.0)
    coderay (1.0.9)
    coffee-script (2.2.0)
      coffee-script-source
      execjs
    coffee-script-source (1.5.0)
    colored (1.2)
    cri (2.3.0)
      colored (>= 1.2)
    execjs (1.4.0)
      multi_json (~> 1.0)
    haml (4.0.0)
      tilt
    kramdown (0.14.2)
    listen (0.7.3)
    multi_json (1.6.1)
    nanoc (3.6.1)
      cri (~> 2.3)
    nokogiri (1.5.6)
    rack (1.5.2)
    rb-fsevent (0.9.3)
    rocks (0.0.5)
      sass (>= 3.1)
    rubypants (0.2.0)
    sass (3.2.6)
    systemu (2.5.2)
    thor (0.17.0)
    tilt (1.3.4)
    typogruby (1.0.15)
      rubypants

PLATFORMS
  ruby

DEPENDENCIES
  adsf (~> 1.1)
  bourbon (~> 3.1)
  builder (~> 3.0)
  coderay (~> 1.0)
  coffee-script (~> 2.2)
  haml (~> 4.0)
  kramdown (~> 0.13)
  listen
  nanoc (~> 3.3)
  nokogiri (~> 1.5)
  rb-fsevent
  rocks (~> 0.0.5)
  sass (~> 3.1)
  systemu
  typogruby (~> 1.0)
