GEM
  remote: https://rubygems.org/
  specs:
    adsf (1.2.0)
      rack (>= 1.0.0)
    bourbon (3.1.8)
      sass (>= 3.2.0)
      thor
    builder (3.2.2)
    celluloid (0.15.2)
      timers (~> 1.1.0)
    celluloid-io (0.15.0)
      celluloid (>= 0.15.0)
      nio4r (>= 0.5.0)
    coderay (1.1.0)
    coffee-script (2.2.0)
      coffee-script-source
      execjs
    coffee-script-source (1.7.0)
    colored (1.2)
    cri (2.5.0)
      colored (~> 1.2)
    execjs (2.0.2)
    ffi (1.9.3)
    haml (4.0.5)
      tilt
    kramdown (0.14.2)
    listen (2.7.1)
      celluloid (>= 0.15.2)
      celluloid-io (>= 0.15.0)
      rb-fsevent (>= 0.9.3)
      rb-inotify (>= 0.9)
    mini_portile (0.5.3)
    nanoc (3.6.8)
      cri (~> 2.3)
    nio4r (1.0.0)
    nokogiri (1.6.1)
      mini_portile (~> 0.5.0)
    rack (1.5.2)
    rb-fsevent (0.9.4)
    rb-inotify (0.9.3)
      ffi (>= 0.5.0)
    rocks (0.0.5)
      sass (>= 3.1)
    rubypants (0.2.0)
    sass (3.3.4)
    systemu (2.6.4)
    thor (0.19.1)
    tilt (2.0.1)
    timers (1.1.0)
    typogruby (1.0.16)
      rubypants

PLATFORMS
  ruby

DEPENDENCIES
  adsf (~> 1.1)
  bourbon (~> 3.1)
  builder (~> 3.0)
  coderay (~> 1.0)
  coffee-script (~> 2.2)
  haml (~> 4.0)
  kramdown (~> 0.13)
  listen
  nanoc (~> 3.3)
  nokogiri (~> 1.5)
  rb-fsevent
  rocks (~> 0.0.5)
  sass (~> 3.1)
  systemu
  typogruby (~> 1.0)
