GEM
  remote: http://rubygems.org/
  specs:
    cri (1.0.1)
    kramdown (0.10.0)
    nanoc3 (3.2.0a2)
      cri (>= 1.0.0)

PLATFORMS
  ruby

DEPENDENCIES
  kramdown
  nanoc3 (~> 3.2)
