GEM
  remote: http://rubygems.org/
  specs:
    adsf (1.0.1)
      rack (>= 1.0.0)
    builder (3.0.0)
    coderay (0.9.8)
    cri (2.0.2)
    fssm (0.2.7)
    jsmin (1.0.1)
    kramdown (0.13.3)
    mime-types (1.17.2)
    nanoc (3.2.3)
      nanoc3 (>= 3.2.3)
    nanoc-cachebuster (0.1.2)
    nanoc3 (3.2.3)
      cri (~> 2.0)
    nokogiri (1.4.4)
    rack (1.3.0)
    rainpress (1.0)
    rake (0.9.2)
    rb-fsevent (0.4.3.1)
    rubypants (0.2.0)
    typogruby (1.0.12)
      rubypants

PLATFORMS
  ruby

DEPENDENCIES
  adsf
  builder
  coderay
  fssm
  jsmin
  kramdown
  mime-types
  nanoc (~> 3.2)
  nanoc-cachebuster
  nokogiri
  rack
  rainpress
  rake
  rb-fsevent
  typogruby
