GEM
  remote: http://rubygems.org/
  specs:
    adsf (1.1.1)
      rack (>= 1.0.0)
    builder (3.0.0)
    coderay (1.0.6)
    cri (2.2.1)
    fssm (0.2.9)
    jsmin (1.0.1)
    kramdown (0.13.5)
    mime-types (1.18)
    nanoc (3.3.5)
      cri (~> 2.2)
    nanoc-cachebuster (0.3.0)
      nanoc (>= 3.3.0)
    nokogiri (1.5.2)
    rack (1.4.1)
    rainpress (1.0)
    rake (0.9.2.2)
    rb-fsevent (0.9.1)
    rubypants (0.2.0)
    systemu (2.5.0)
    typogruby (1.0.15)
      rubypants

PLATFORMS
  ruby

DEPENDENCIES
  adsf
  builder
  coderay
  fssm
  jsmin
  kramdown
  mime-types
  nanoc (~> 3.2)
  nanoc-cachebuster
  nokogiri
  rack
  rainpress
  rake
  rb-fsevent
  systemu
  typogruby
